GEM
  remote: http://rubygems.org/
  specs:
    actionmailer (3.2.13)
      actionpack (= 3.2.13)
      mail (~> 2.5.3)
    actionpack (3.2.13)
      activemodel (= 3.2.13)
      activesupport (= 3.2.13)
      builder (~> 3.0.0)
      erubis (~> 2.7.0)
      journey (~> 1.0.4)
      rack (~> 1.4.5)
      rack-cache (~> 1.2)
      rack-test (~> 0.6.1)
      sprockets (~> 2.2.1)
    active_model_serializers (0.8.1)
      activemodel (>= 3.0)
    activemodel (3.2.13)
      activesupport (= 3.2.13)
      builder (~> 3.0.0)
    activerecord (3.2.13)
      activemodel (= 3.2.13)
      activesupport (= 3.2.13)
      arel (~> 3.0.2)
      tzinfo (~> 0.3.29)
    activeresource (3.2.13)
      activemodel (= 3.2.13)
      activesupport (= 3.2.13)
    activesupport (3.2.13)
      i18n (= 0.6.1)
      multi_json (~> 1.0)
    acts_as_list (0.3.0)
      activerecord (>= 3.0)
    akami (1.2.0)
      gyoku (>= 0.4.0)
      nokogiri (>= 1.4.0)
    apartment (0.23.1)
      activerecord (>= 3.1.2)
      rack (>= 1.3.6)
    arel (3.0.3)
    bcrypt-ruby (3.1.1-x86-mingw32)
    brakeman (2.2.0)
      erubis (~> 2.6)
      fastercsv (~> 1.5)
      haml (>= 3.0, < 5.0)
      highline (~> 1.6.20)
      multi_json (~> 1.2)
      ruby2ruby (~> 2.0.5)
      ruby_parser (~> 3.2.2)
      sass (~> 3.0)
      slim (>= 1.3.6, < 3.0)
      terminal-table (~> 1.4)
    builder (3.0.4)
    bullet (4.7.1)
      activesupport
      uniform_notifier (>= 1.4.0)
    capybara (2.1.0)
      mime-types (>= 1.16)
      nokogiri (>= 1.3.3)
      rack (>= 1.0.0)
      rack-test (>= 0.5.4)
      xpath (~> 2.0)
    celluloid (0.15.2)
      timers (~> 1.1.0)
    childprocess (0.3.9)
      ffi (~> 1.0, >= 1.0.11)
    coderay (1.0.9)
    coffee-rails (3.2.2)
      coffee-script (>= 2.2.0)
      railties (~> 3.2.0)
    coffee-script (2.2.0)
      coffee-script-source
      execjs
    coffee-script-source (1.6.3)
    colorize (0.6.0)
    connection_pool (1.2.0)
    daemons (1.1.9)
    database_cleaner (1.2.0)
    devise (3.0.3)
      bcrypt-ruby (~> 3.0)
      orm_adapter (~> 0.1)
      railties (>= 3.2.6, < 5)
      warden (~> 1.2.3)
    devise_cas_authenticatable (1.3.2)
      devise (>= 1.2.0)
      rubycas-client (>= 2.2.1)
    diff-lcs (1.2.4)
    draper (1.3.0)
      actionpack (>= 3.0)
      activemodel (>= 3.0)
      activesupport (>= 3.0)
      request_store (~> 1.0.3)
    erubis (2.7.0)
    eventmachine (1.0.3-x86-mingw32)
    execjs (2.0.2)
    factory_girl (4.2.0)
      activesupport (>= 3.0.0)
    factory_girl_rails (4.2.1)
      factory_girl (~> 4.2.0)
      railties (>= 3.0.0)
    fastercsv (1.5.5)
    ffi (1.9.0-x86-mingw32)
    font-awesome-rails (3.2.1.1)
      railties (>= 3.2, < 5.0)
    forgery (0.5.0)
    formatador (0.2.4)
    guard (1.8.2)
      formatador (>= 0.2.4)
      listen (>= 1.0.0)
      lumberjack (>= 1.0.2)
      pry (>= 0.9.10)
      thor (>= 0.14.6)
    guard-brakeman (0.8.1)
      brakeman (>= 2.1.1)
      guard (>= 1.1.0)
    guard-rspec (3.0.2)
      guard (>= 1.8)
      rspec (~> 2.13)
    guard-spork (1.5.1)
      childprocess (>= 0.2.3)
      guard (>= 1.1)
      spork (>= 0.8.4)
    gyoku (1.0.0)
      builder (>= 2.1.2)
    haml (4.0.3)
      tilt
    highline (1.6.20)
    hike (1.2.3)
    httpi (2.0.2)
      rack
    i18n (0.6.1)
    ice_cube (0.11.0)
    journey (1.0.4)
    jquery-datatables-rails (1.12.2)
      jquery-rails
    jquery-rails (3.0.4)
      railties (>= 3.0, < 5.0)
      thor (>= 0.14, < 2.0)
    json (1.8.1)
    konacha (3.0.0)
      actionpack (>= 3.1, < 5)
      capybara
      colorize
      railties (>= 3.1, < 5)
      sprockets
    listen (1.3.0)
      rb-fsevent (>= 0.9.3)
      rb-inotify (>= 0.9)
      rb-kqueue (>= 0.2)
    lograge (0.2.2)
      actionpack (>= 3)
      activesupport (>= 3)
      railties (>= 3)
    lumberjack (1.0.4)
    mail (2.5.4)
      mime-types (~> 1.16)
      treetop (~> 1.4.8)
    method_source (0.8.2)
    mime-types (1.25.1)
    mini_portile (0.5.1)
    mobile-fu (1.3.1)
      rack-mobile-detect
      rails
    multi_json (1.8.2)
    nokogiri (1.6.0-x86-mingw32)
      mini_portile (~> 0.5.0)
    nori (2.1.0)
    orm_adapter (0.4.0)
    pg (0.15.1-x86-mingw32)
    phantomjs (1.9.2.0)
    polyglot (0.3.3)
    pr_geohash (1.0.0)
    pry (0.9.12.2-x86-mingw32)
      coderay (~> 1.0.5)
      method_source (~> 0.8)
      slop (~> 3.4)
      win32console (~> 1.3)
    pundit (0.2.1)
      activesupport (>= 3.0.0)
    rack (1.4.5)
    rack-cache (1.2)
      rack (>= 0.4)
    rack-mobile-detect (0.4.0)
      rack
    rack-protection (1.2.0)
      rack
    rack-ssl (1.3.3)
      rack
    rack-test (0.6.2)
      rack (>= 1.0)
    rails (3.2.13)
      actionmailer (= 3.2.13)
      actionpack (= 3.2.13)
      activerecord (= 3.2.13)
      activeresource (= 3.2.13)
      activesupport (= 3.2.13)
      bundler (~> 1.0)
      railties (= 3.2.13)
    rails_12factor (0.0.2)
      rails_serve_static_assets
      rails_stdout_logging
    rails_serve_static_assets (0.0.1)
    rails_stdout_logging (0.0.3)
    railties (3.2.13)
      actionpack (= 3.2.13)
      activesupport (= 3.2.13)
      rack-ssl (~> 1.3.2)
      rake (>= 0.8.7)
      rdoc (~> 3.4)
      thor (>= 0.14.6, < 2.0)
    rake (10.1.0)
    rb-fsevent (0.9.3)
    rb-inotify (0.9.1)
      ffi (>= 0.5.0)
    rb-kqueue (0.2.0)
      ffi (>= 0.5.0)
    rb-notifu (0.0.4)
    rdoc (3.12.2)
      json (~> 1.4)
    react-rails (0.4.1.1)
      execjs
      rails (>= 3.1)
      react-source (= 0.4.1)
    react-source (0.4.1)
    redis (3.0.6)
    redis-actionpack (3.2.3)
      actionpack (~> 3.2.3)
      redis-rack (~> 1.4.0)
      redis-store (~> 1.1.0)
    redis-activesupport (3.2.3)
      activesupport (~> 3.2.3)
      redis-store (~> 1.1.0)
    redis-namespace (1.4.1)
      redis (~> 3.0.4)
    redis-rack (1.4.2)
      rack (~> 1.4.1)
      redis-store (~> 1.1.0)
    redis-rack-cache (1.2.1)
      rack-cache (~> 1.2)
      redis-store (~> 1.1.0)
    redis-rails (3.2.3)
      redis-actionpack (~> 3.2.3)
      redis-activesupport (~> 3.2.3)
      redis-store (~> 1.1.0)
    redis-store (1.1.3)
      redis (>= 2.2.0)
    request_store (1.0.5)
    rsolr (1.0.9)
      builder (>= 2.1.2)
    rspec (2.14.1)
      rspec-core (~> 2.14.0)
      rspec-expectations (~> 2.14.0)
      rspec-mocks (~> 2.14.0)
    rspec-core (2.14.5)
    rspec-expectations (2.14.2)
      diff-lcs (>= 1.1.3, < 2.0)
    rspec-mocks (2.14.3)
    rspec-rails (2.14.0)
      actionpack (>= 3.0)
      activesupport (>= 3.0)
      railties (>= 3.0)
      rspec-core (~> 2.14.0)
      rspec-expectations (~> 2.14.0)
      rspec-mocks (~> 2.14.0)
    ruby2ruby (2.0.6)
      ruby_parser (~> 3.1)
      sexp_processor (~> 4.0)
    ruby_parser (3.2.2)
      sexp_processor (~> 4.1)
    rubycas-client (2.3.9)
      activesupport
    rubyzip (0.9.9)
    sass (3.2.12)
    sass-rails (3.2.6)
      railties (~> 3.2.0)
      sass (>= 3.1.10)
      tilt (~> 1.3)
    savon (2.2.0)
      akami (~> 1.2.0)
      builder (>= 2.1.2)
      gyoku (~> 1.0.0)
      httpi (~> 2.0.2)
      nokogiri (>= 1.4.0)
      nori (~> 2.1.0)
      wasabi (~> 3.1.0)
    select2-rails (3.4.3)
      sass-rails
      thor (~> 0.14)
    selenium-webdriver (2.35.1)
      childprocess (>= 0.2.5)
      multi_json (~> 1.0)
      rubyzip (< 1.0.0)
      websocket (~> 1.0.4)
    sexp_processor (4.4.0)
    sidekiq (2.17.2)
      celluloid (>= 0.15.2)
      connection_pool (>= 1.0.0)
      json
      redis (>= 3.0.6)
      redis-namespace (>= 1.3.1)
    sinatra (1.3.3)
      rack (~> 1.3, >= 1.3.6)
      rack-protection (~> 1.2)
      tilt (~> 1.3, >= 1.3.3)
    sitemap_generator (5.0.0)
      builder
    slim (2.0.2)
      temple (~> 0.6.6)
      tilt (>= 1.3.3, < 2.1)
    slim-rails (2.0.3)
      actionpack (>= 3.0, < 4.1)
      activesupport (>= 3.0, < 4.1)
      railties (>= 3.0, < 4.1)
      slim (~> 2.0)
    slop (3.4.6)
    spork (1.0.0rc4-x86-mingw32)
      win32-process
    spork-rails (4.0.0)
      rails (>= 3.0.0, < 5)
      spork (>= 1.0rc0)
    sprockets (2.2.2)
      hike (~> 1.2)
      multi_json (~> 1.0)
      rack (~> 1.0)
      tilt (~> 1.1, != 1.3.0)
    sqlite3 (1.3.8-x86-mingw32)
    state_machine (1.2.0)
    statsd-ruby (1.2.1)
    strong_parameters (0.2.2)
      actionpack (~> 3.0)
      activemodel (~> 3.0)
      railties (~> 3.0)
    sunspot (1.3.3)
      pr_geohash (~> 1.0)
      rsolr (~> 1.0.7)
    sunspot_rails (1.3.3)
      nokogiri
      sunspot (= 1.3.3)
    sunspot_solr (2.0.0)
    teaspoon (0.7.7)
      phantomjs (>= 1.8.1.1)
      railties (>= 3.2.5, < 5)
    temple (0.6.7)
    terminal-table (1.4.5)
    thin (1.5.1)
      daemons (>= 1.0.9)
      eventmachine (>= 0.12.6)
      rack (>= 1.0.0)
    thor (0.18.1)
    tilt (1.4.1)
    timecop (0.7.0)
    timers (1.1.0)
    treetop (1.4.15)
      polyglot
      polyglot (>= 0.3.1)
    tzinfo (0.3.38)
    uglifier (2.3.2)
      execjs (>= 0.3.0)
      json (>= 1.8.0)
    uniform_notifier (1.4.0)
    warden (1.2.3)
      rack (>= 1.0)
    wasabi (3.1.0)
      httpi (~> 2.0)
      nokogiri (>= 1.4.0)
    wdm (0.1.0)
    websocket (1.0.7)
    will_paginate (3.0.4)
    will_paginate-bootstrap (0.2.4)
      will_paginate (>= 3.0.3)
    win32-process (0.7.4)
      ffi (>= 1.0.0)
    win32console (1.3.2-x86-mingw32)
    xpath (2.0.0)
      nokogiri (~> 1.3)

PLATFORMS
  x86-mingw32

DEPENDENCIES
  active_model_serializers
  acts_as_list
  apartment
  bullet
  capybara
  childprocess
  coffee-rails (~> 3.2.1)
  database_cleaner
  devise
  devise_cas_authenticatable
  draper (~> 1.3)
  factory_girl_rails
  font-awesome-rails
  forgery
  guard-brakeman
  guard-rspec
  guard-spork
  ice_cube
  jquery-datatables-rails
  jquery-rails
  konacha
  lograge
  mobile-fu
  pg (= 0.15.1)
  pundit
  rails (= 3.2.13)
  rails_12factor (= 0.0.2)
  rb-notifu
  react-rails
  redis-rack-cache
  redis-rails
  redis-store
  rspec-rails
  sass-rails (~> 3.2.3)
  savon
  select2-rails
  selenium-webdriver
  sidekiq
  sinatra
  sitemap_generator
  slim-rails
  spork-rails
  sqlite3
  state_machine
  statsd-ruby
  strong_parameters
  sunspot_rails (~> 1.3.0)
  sunspot_solr
  teaspoon
  thin
  timecop
  uglifier (>= 1.0.3)
  wdm
  will_paginate (~> 3.0)
  will_paginate-bootstrap
  win32console
